GIT
  remote: https://github.com/richardmarbach/packwerk
  revision: bf972227a1caaeed4d07b0302a7b74f20632fc06
  branch: configurable_parser_interface
  specs:
    packwerk (3.1.0)
      activesupport (>= 6.0)
      ast
      better_html
      bundler
      constant_resolver (>= 0.2.0)
      parallel
      parser
      sorbet-runtime (>= 0.5.9914)
      zeitwerk (>= 2.6.1)

PATH
  remote: .
  specs:
    packwerk_yard (0.2.0)
      packwerk
      parser
      yard

GEM
  remote: https://rubygems.org/
  specs:
    actionview (7.1.2)
      activesupport (= 7.1.2)
      builder (~> 3.1)
      erubi (~> 1.11)
      rails-dom-testing (~> 2.2)
      rails-html-sanitizer (~> 1.6)
    activesupport (7.1.2)
      base64
      bigdecimal
      concurrent-ruby (~> 1.0, >= 1.0.2)
      connection_pool (>= 2.2.5)
      drb
      i18n (>= 1.6, < 2)
      minitest (>= 5.1)
      mutex_m
      tzinfo (~> 2.0)
    ast (2.4.2)
    base64 (0.2.0)
    better_html (2.0.2)
      actionview (>= 6.0)
      activesupport (>= 6.0)
      ast (~> 2.0)
      erubi (~> 1.4)
      parser (>= 2.4)
      smart_properties
    bigdecimal (3.1.5)
    builder (3.2.4)
    concurrent-ruby (1.2.2)
    connection_pool (2.4.1)
    constant_resolver (0.2.0)
    crass (1.0.6)
    drb (2.2.0)
      ruby2_keywords
    erubi (1.12.0)
    i18n (1.14.1)
      concurrent-ruby (~> 1.0)
    json (2.7.1)
    language_server-protocol (3.17.0.3)
    loofah (2.22.0)
      crass (~> 1.0.2)
      nokogiri (>= 1.12.0)
    minitest (5.20.0)
    mutex_m (0.2.0)
    netrc (0.11.0)
    nokogiri (1.16.0-arm64-darwin)
      racc (~> 1.4)
    nokogiri (1.16.0-x86_64-linux)
      racc (~> 1.4)
    parallel (1.24.0)
    parser (3.2.2.4)
      ast (~> 2.4.1)
      racc
    prettier_print (1.2.1)
    prism (0.19.0)
    racc (1.7.3)
    rails-dom-testing (2.2.0)
      activesupport (>= 5.0.0)
      minitest
      nokogiri (>= 1.6)
    rails-html-sanitizer (1.6.0)
      loofah (~> 2.21)
      nokogiri (~> 1.14)
    rainbow (3.1.1)
    rake (13.1.0)
    rbi (0.1.6)
      prism (>= 0.18.0, < 0.20)
      sorbet-runtime (>= 0.5.9204)
    regexp_parser (2.8.3)
    rexml (3.2.6)
    rubocop (1.59.0)
      json (~> 2.3)
      language_server-protocol (>= 3.17.0)
      parallel (~> 1.10)
      parser (>= 3.2.2.4)
      rainbow (>= 2.2.2, < 4.0)
      regexp_parser (>= 1.8, < 3.0)
      rexml (>= 3.2.5, < 4.0)
      rubocop-ast (>= 1.30.0, < 2.0)
      ruby-progressbar (~> 1.7)
      unicode-display_width (>= 2.4.0, < 3.0)
    rubocop-ast (1.30.0)
      parser (>= 3.2.1.0)
    rubocop-performance (1.20.1)
      rubocop (>= 1.48.1, < 2.0)
      rubocop-ast (>= 1.30.0, < 2.0)
    rubocop-shopify (2.14.0)
      rubocop (~> 1.51)
    rubocop-sorbet (0.7.6)
      rubocop (>= 0.90.0)
    ruby-progressbar (1.13.0)
    ruby2_keywords (0.0.5)
    smart_properties (1.17.0)
    sorbet (0.5.11175)
      sorbet-static (= 0.5.11175)
    sorbet-runtime (0.5.11175)
    sorbet-static (0.5.11175-universal-darwin)
    sorbet-static (0.5.11175-x86_64-linux)
    sorbet-static-and-runtime (0.5.11175)
      sorbet (= 0.5.11175)
      sorbet-runtime (= 0.5.11175)
    spoom (1.2.4)
      erubi (>= 1.10.0)
      sorbet-static-and-runtime (>= 0.5.10187)
      syntax_tree (>= 6.1.1)
      thor (>= 0.19.2)
    syntax_tree (6.2.0)
      prettier_print (>= 1.2.0)
    tapioca (0.11.14)
      bundler (>= 2.2.25)
      netrc (>= 0.11.0)
      parallel (>= 1.21.0)
      rbi (>= 0.1.4, < 0.2)
      sorbet-static-and-runtime (>= 0.5.10187)
      spoom (~> 1.2.0, >= 1.2.0)
      thor (>= 1.2.0)
      yard-sorbet
    thor (1.3.0)
    tzinfo (2.0.6)
      concurrent-ruby (~> 1.0)
    unicode-display_width (2.5.0)
    yard (0.9.34)
    yard-sorbet (0.8.1)
      sorbet-runtime (>= 0.5)
      yard (>= 0.9)
    zeitwerk (2.6.12)

PLATFORMS
  arm64-darwin-21
  arm64-darwin-22
  x86_64-linux

DEPENDENCIES
  minitest
  packwerk!
  packwerk_yard!
  rake
  rubocop
  rubocop-performance
  rubocop-shopify
  rubocop-sorbet
  sorbet-static-and-runtime
  tapioca

BUNDLED WITH
   2.4.18
